GIT
  remote: https://github.com/rodjek/rspec-puppet.git
  revision: 8459e14807977244c00bdbcf190062c529b63474
  specs:
    rspec-puppet (2.0.0)
      rspec (~> 2.0)

GEM
  remote: http://rubygems.org/
  specs:
    CFPropertyList (2.2.8)
    addressable (2.3.6)
    archive-tar-minitar (0.5.2)
    autoparse (0.3.3)
      addressable (>= 2.3.1)
      extlib (>= 0.9.15)
      multi_json (>= 1.0.0)
    aws-sdk (1.59.1)
      aws-sdk-v1 (= 1.59.1)
    aws-sdk-v1 (1.59.1)
      json (~> 1.4)
      nokogiri (>= 1.4.4)
    beaker (1.11.2)
      aws-sdk (~> 1.38)
      blimpy (~> 0.6)
      docker-api
      fission (~> 0.4)
      google-api-client (~> 0.7.1)
      inifile (~> 2.0)
      json (~> 1.8)
      mime-types (~> 1.25)
      net-scp (~> 1.1)
      net-ssh (~> 2.6)
      nokogiri (= 1.5.10)
      rbvmomi (= 1.8.1)
      unf (~> 0.1)
    beaker-rspec (3.0.0)
      beaker (~> 1.10)
      rspec
      serverspec (~> 1.0)
      specinfra (~> 1.0)
    blimpy (0.6.7)
      fog
      minitar
      thor
    builder (3.2.2)
    celluloid (0.16.0)
      timers (~> 4.0.0)
    coderay (1.1.0)
    diff-lcs (1.2.5)
    docker-api (1.17.0)
      archive-tar-minitar
      excon (>= 0.38.0)
      json
    excon (0.42.1)
    extlib (0.9.16)
    facter (2.3.0)
      CFPropertyList (~> 2.2.6)
    faraday (0.9.0)
      multipart-post (>= 1.2, < 3)
    ffi (1.9.6)
    fission (0.5.0)
      CFPropertyList (~> 2.2)
    fog (1.11.1)
      builder
      excon (~> 0.20)
      formatador (~> 0.2.0)
      json (~> 1.7)
      mime-types
      net-scp (~> 1.1)
      net-ssh (>= 2.1.3)
      nokogiri (~> 1.5.0)
      ruby-hmac
    formatador (0.2.5)
    google-api-client (0.7.1)
      addressable (>= 2.3.2)
      autoparse (>= 0.3.3)
      extlib (>= 0.9.15)
      faraday (>= 0.9.0)
      jwt (>= 0.1.5)
      launchy (>= 2.1.1)
      multi_json (>= 1.0.0)
      retriable (>= 1.4)
      signet (>= 0.5.0)
      uuidtools (>= 2.1.0)
    guard (2.10.4)
      formatador (>= 0.2.4)
      listen (~> 2.7)
      lumberjack (~> 1.0)
      nenv (~> 0.1)
      pry (>= 0.9.12)
      thor (>= 0.18.1)
    guard-rake (1.0.0)
      guard
      rake
    hiera (1.3.4)
      json_pure
    hiera-puppet-helper (1.0.1)
    highline (1.6.21)
    hitimes (1.2.2)
    inifile (2.0.2)
    json (1.8.1)
    json_pure (1.8.1)
    jwt (1.2.0)
    launchy (2.4.3)
      addressable (~> 2.3)
    listen (2.8.3)
      celluloid (>= 0.15.2)
      rb-fsevent (>= 0.9.3)
      rb-inotify (>= 0.9)
    lumberjack (1.0.9)
    metaclass (0.0.4)
    method_source (0.8.2)
    mime-types (1.25.1)
    minitar (0.5.4)
    mocha (1.1.0)
      metaclass (~> 0.0.1)
    multi_json (1.10.1)
    multipart-post (2.0.0)
    nenv (0.1.1)
    net-scp (1.2.1)
      net-ssh (>= 2.6.5)
    net-ssh (2.9.1)
    netrc (0.10.2)
    nokogiri (1.5.10)
    pry (0.10.1)
      coderay (~> 1.1.0)
      method_source (~> 0.8.1)
      slop (~> 3.4)
    puppet (3.7.3)
      facter (> 1.6, < 3)
      hiera (~> 1.0)
      json_pure
    puppet-blacksmith (3.1.1)
      puppet (>= 2.7.16)
      rest-client
    puppet-lint (1.1.0)
    puppet-syntax (1.3.0)
      rake
    puppetlabs_spec_helper (0.8.2)
      mocha
      puppet-lint
      puppet-syntax
      rake
      rspec
      rspec-puppet
    rake (10.4.2)
    rb-fsevent (0.9.4)
    rb-inotify (0.9.5)
      ffi (>= 0.5.0)
    rbvmomi (1.8.1)
      builder
      nokogiri (>= 1.4.1)
      trollop
    rest-client (1.7.2)
      mime-types (>= 1.16, < 3.0)
      netrc (~> 0.7)
    retriable (1.4.1)
    rspec (2.99.0)
      rspec-core (~> 2.99.0)
      rspec-expectations (~> 2.99.0)
      rspec-mocks (~> 2.99.0)
    rspec-core (2.99.2)
    rspec-expectations (2.99.2)
      diff-lcs (>= 1.1.3, < 2.0)
    rspec-its (1.0.1)
      rspec-core (>= 2.99.0.beta1)
      rspec-expectations (>= 2.99.0.beta1)
    rspec-mocks (2.99.2)
    ruby-hmac (0.4.0)
    serverspec (1.16.0)
      highline
      net-ssh
      rspec (~> 2.99)
      rspec-its
      specinfra (~> 1.27)
    signet (0.6.0)
      addressable (~> 2.3)
      extlib (~> 0.9)
      faraday (~> 0.9)
      jwt (~> 1.0)
      multi_json (~> 1.10)
    slop (3.6.0)
    specinfra (1.27.5)
    thor (0.19.1)
    timers (4.0.1)
      hitimes
    trollop (2.0)
    unf (0.1.4)
      unf_ext
    unf_ext (0.0.6)
    uuidtools (2.1.5)

PLATFORMS
  ruby

DEPENDENCIES
  beaker (~> 1.11.0)
  beaker-rspec
  guard-rake
  hiera-puppet-helper
  json
  puppet (~> 3.7.0)
  puppet-blacksmith
  puppet-lint
  puppet-syntax
  puppetlabs_spec_helper
  rake
  rspec-puppet!
